GEM
  remote: http://rubygems.org/
  specs:
    addressable (2.2.4)
    bluecloth (2.0.10)
    diff-lcs (1.1.2)
    json_pure (1.5.1)
    mime-types (1.16)
    rdf (0.3.1)
      addressable (>= 2.2)
    rdf-spec (0.3.1)
      rspec (>= 2.1)
    rest-client (1.6.1)
      mime-types (>= 1.16)
    rspec (2.5.0)
      rspec-core (~> 2.5.0)
      rspec-expectations (~> 2.5.0)
      rspec-mocks (~> 2.5.0)
    rspec-core (2.5.1)
    rspec-expectations (2.5.0)
      diff-lcs (~> 1.1.2)
    rspec-mocks (2.5.0)
    yard (0.6.4)

PLATFORMS
  ruby

DEPENDENCIES
  bluecloth (>= 2.0.10)
  json_pure
  rdf (~> 0.3.0)
  rdf-spec (~> 0.3.0)
  rest-client (>= 1.6.1)
  rspec (>= 2.4.0)
  yard (>= 0.6.0)
