GEM
  remote: http://rubygems.org/
  specs:
    addressable (2.2.8)
    bluecloth (2.2.0)
    diff-lcs (1.1.3)
    json_pure (1.7.3)
    mime-types (1.18)
    rdf (0.3.5.2)
      addressable (>= 2.2.6)
    rdf-spec (0.3.5.1)
      rspec (>= 2.8.0)
    rest-client (1.6.7)
      mime-types (>= 1.16)
    rspec (2.10.0)
      rspec-core (~> 2.10.0)
      rspec-expectations (~> 2.10.0)
      rspec-mocks (~> 2.10.0)
    rspec-core (2.10.1)
    rspec-expectations (2.10.0)
      diff-lcs (~> 1.1.3)
    rspec-mocks (2.10.1)
    yard (0.8.1)

PLATFORMS
  ruby

DEPENDENCIES
  bluecloth (>= 2.2.0)
  json_pure
  rdf (~> 0.3.0)
  rdf-spec (~> 0.3.0)
  rest-client (>= 1.6.7)
  rspec (>= 2.10.0)
  yard (>= 0.8.0)
